PATH
  remote: .
  specs:
    uber (0.1.0)

GEM
  remote: https://rubygems.org/
  specs:
    benchmark-ips (2.14.0)
    minitest (4.7.5)
    rake (13.2.1)

PLATFORMS
  ruby
  x86_64-linux

DEPENDENCIES
  benchmark-ips
  minitest (~> 4.0)
  rake
  uber!

BUNDLED WITH
   2.6.4
